GEM
  remote: http://rubygems.org/
  specs:
    branchy (0.6.0)
    git (1.2.5)
    jeweler (1.8.4)
      bundler (~> 1.0)
      git (>= 1.2.5)
      rake
      rdoc
    multi_json (1.3.6)
    rake (0.9.2.2)
    rdoc (6.3.2)
    shoulda (3.0.1)
      shoulda-context (~> 1.0.0)
      shoulda-matchers (~> 1.0.0)
    shoulda-context (1.0.0)
    shoulda-matchers (1.0.0)
    simplecov (0.6.4)
      multi_json (~> 1.0)
      simplecov-html (~> 0.5.3)
    simplecov-html (0.5.3)

PLATFORMS
  ruby

DEPENDENCIES
  branchy
  bundler (~> 1.1.4)
  jeweler (~> 1.8.4)
  rdoc (~> 6.3)
  shoulda
  simplecov
